GEM
  remote: https://rubygems.org/
  specs:
    diff-lcs (1.4.4)
    excel_to_code (0.3.19)
      ffi (~> 1.9, >= 1.9.18)
      minitest (~> 5.11, >= 5.11.1)
      ox (~> 2.8, >= 2.8.2)
      rspec (~> 3.7)
      rubypeg (~> 0, >= 0.0.4)
    ffi (1.13.1)
    minitest (5.14.1)
    mustermann (1.1.1)
      ruby2_keywords (~> 0.0.1)
    ox (2.13.2)
    rack (2.2.3)
    rack-protection (2.0.8.1)
      rack
    rspec (3.9.0)
      rspec-core (~> 3.9.0)
      rspec-expectations (~> 3.9.0)
      rspec-mocks (~> 3.9.0)
    rspec-core (3.9.2)
      rspec-support (~> 3.9.3)
    rspec-expectations (3.9.2)
      diff-lcs (>= 1.2.0, < 2.0)
      rspec-support (~> 3.9.0)
    rspec-mocks (3.9.1)
      diff-lcs (>= 1.2.0, < 2.0)
      rspec-support (~> 3.9.0)
    rspec-support (3.9.3)
    ruby2_keywords (0.0.2)
    rubypeg (0.0.4)
      rubyscriptwriter
    rubyscriptwriter (0.0.2)
    sinatra (2.0.8.1)
      mustermann (~> 1.0)
      rack (~> 2.0)
      rack-protection (= 2.0.8.1)
      tilt (~> 2.0)
    tilt (2.0.10)

PLATFORMS
  ruby

DEPENDENCIES
  excel_to_code
  sinatra

BUNDLED WITH
   2.1.4
